GEM
  remote: https://ruby.taobao.org/
  specs:
    eventmachine (1.0.8)
    ffi (1.9.10)
    json (1.8.3)
    shadowsocks (0.12)
      eventmachine (~> 1.0, >= 1.0.3)
      ffi (~> 1.9, >= 1.9.0)
      json (~> 1.8, >= 1.8.0)

PLATFORMS
  ruby

DEPENDENCIES
  shadowsocks

BUNDLED WITH
   1.10.5
